GEM
  remote: https://rubygems.org/
  specs:
    addressable (2.5.2)
      public_suffix (>= 2.0.2, < 4.0)
    bitcoin-ruby (0.0.18)
    colorator (1.1.0)
    ffi (1.9.25)
    forwardable-extended (2.6.0)
    git (1.4.0)
    hashie (3.5.7)
    jekyll (3.3.1)
      addressable (~> 2.4)
      colorator (~> 1.0)
      jekyll-sass-converter (~> 1.0)
      jekyll-watch (~> 1.1)
      kramdown (~> 1.3)
      liquid (~> 3.0)
      mercenary (~> 0.3.3)
      pathutil (~> 0.9)
      rouge (~> 1.7)
      safe_yaml (~> 1.0)
    jekyll-sass-converter (1.5.2)
      sass (~> 3.4)
    jekyll-seo-tag (2.1.0)
      jekyll (~> 3.3)
    jekyll-sitemap (0.12.0)
      jekyll (~> 3.3)
    jekyll-watch (1.5.1)
      listen (~> 3.0)
    json (2.1.0)
    kramdown (1.17.0)
    liquid (3.0.6)
    listen (3.1.5)
      rb-fsevent (~> 0.9, >= 0.9.4)
      rb-inotify (~> 0.9, >= 0.9.7)
      ruby_dep (~> 1.2)
    little-plugger (1.1.4)
    logging (2.2.2)
      little-plugger (~> 1.1)
      multi_json (~> 1.10)
    mercenary (0.3.6)
    multi_json (1.13.1)
    neatjson (0.8.4)
    pathutil (0.16.1)
      forwardable-extended (~> 2.6)
    public_suffix (3.0.2)
    rake (12.3.1)
    rb-fsevent (0.10.3)
    rb-inotify (0.9.10)
      ffi (>= 0.5.0, < 2)
    rouge (1.11.1)
    ruby_dep (1.5.0)
    safe_yaml (1.0.4)
    sass (3.5.6)
      sass-listen (~> 4.0.0)
    sass-listen (4.0.0)
      rb-fsevent (~> 0.9, >= 0.9.4)
      rb-inotify (~> 0.9, >= 0.9.7)
    steem-ruby (0.9.0)
      bitcoin-ruby (~> 0.0, >= 0.0.18)
      ffi (~> 1.9, >= 1.9.23)
      hashie (~> 3.5, >= 3.5.7)
      json (~> 2.1, >= 2.1.0)
      logging (~> 2.2, >= 2.2.0)

PLATFORMS
  ruby

DEPENDENCIES
  git
  jekyll (= 3.3.1)
  jekyll-seo-tag (= 2.1.0)
  jekyll-sitemap (= 0.12.0)
  neatjson
  rake
  steem-ruby

BUNDLED WITH
   1.16.1
